ObjectType = Image
NDims = 3
BinaryData = True
BinaryDataByteOrderMSB = False
CompressedData = False
TransformMatrix = 1.0 0.0 0.0 0.0 1.0 0.0 0.0 0.0 1.0 
Offset = -120.85941199999999 190.406136 20.80005 
CenterOfRotation = 0.0 0.0 0.0 
AnatomicalOrientation = RAI 
ElementSpacing = 0.996093 0.996093 1
DimSize = 106 70 164
ElementType = MET_INT
ElementDataFile = bone_cut.raw
