ObjectType = Image
NDims = 3
BinaryData = True
BinaryDataByteOrderMSB = False
CompressedData = False
TransformMatrix = 1.0 0.0 0.0 0.0 1.0 0.0 0.0 0.0 1.0 
Offset = -51.13290199999999 264.11701800000003 -6.19995 
CenterOfRotation = 0.0 0.0 0.0 
AnatomicalOrientation = RAI 
ElementSpacing = 0.996093 0.996093 1
DimSize = 108 29 191
ElementType = MET_FLOAT
ElementDataFile = phantom_cut.raw
